##TITLE=Parameter List
##JCAMPDX=4.24
##DATATYPE=Parameter Values
##ORIGIN=Bruker BioSpin MRI GmbH
##OWNER=nmrsu
$$ Wed Apr 24 14:40:40 2013 CEST (UT+2h)  nmrsu
$$ /opt/PV5.1/data/nmrsu/nmr/CSMRI.jx5/7/pdata/1/d3proc
##$SEQTYPE=slices
##$DATTYPE=ip_short
##$IM_SIX=128
##$IM_SIY=128
##$IM_SIZ=16
##$IM_SIT=1
##$SIM_SIX=128
##$SIM_SIY=128
##$SIM_SIZ=16
##$SIM_SIT=1
$$ @vis= SEQTYPE DATTYPE IM_SIX IM_SIY IM_SIZ IM_SIT SIM_SIX SIM_SIY SIM_SIZ
##$SIM_X0=0
##$SIM_Y0=0
##$SIM_Z0=0
##$SIM_T0=0
##$CEN_SLC=8
##$THRESH=( 16 )
60 255 0 0 0 0 0 0 0 0 0 0 0 0 0 0
##$D3_DESC=( 128 )
<>
##$PR_STA=( 16 )
3 3 0 0 0 0 0 0 0 0 0 0 0 0 0 0
##$PR_STP=( 16 )
0 0 0 0 0 0 0 0 0 0 0 0 0 0 8 32
$$ @vis= SIM_SIT SIM_X0 SIM_Y0 SIM_Z0 SIM_T0 CEN_SLC THRESH D3_DESC PR_STA
$$ @vis= PR_STP
##END=
