##TITLE=Parameter List
##JCAMPDX=4.24
##DATATYPE=Parameter Values
##ORIGIN=Bruker BioSpin MRI GmbH
##OWNER=nmrsu
$$ Wed Apr 24 14:59:53 2013 CEST (UT+2h)  nmrsu
$$ /opt/PV5.1/data/nmrsu/nmr/CSMRI.jx5/14/method
##$Method=FLASH
##$PVM_EchoTime=2.00488
##$PVM_RepetitionTime=8.3
##$PVM_NAverages=5
##$PVM_NRepetitions=1
##$PVM_ScanTimeStr=( 16 )
<0h0m23s240ms>
$$ @vis= Method PVM_EchoTime PVM_RepetitionTime PVM_NAverages PVM_NRepetitions
##$PVM_ExcPulseAngle=30
##$PVM_DeriveGains=Yes
##$ExcPulseEnum=hermite
##$ExcPulse=(0.9, 6000, 30, 23.5689828156617, 100, 0, 100, LIB_EXCITATION, <
hermite.exc>, 5400, 0.1794, 50, 0.1024, conventional)
$$ @vis= PVM_ScanTimeStr PVM_ExcPulseAngle PVM_DeriveGains ExcPulseEnum
##$PVM_GradCalConst=18990.6
##$PVM_Nucleus1Enum=1H
##$PVM_Nucleus1=( 8 )
<1H>
##$PVM_RefAttMod1=AutoAdj
$$ @vis= ExcPulse RF_Pulses PVM_GradCalConst PVM_Nucleus1Enum PVM_Nucleus1
##$PVM_RefAttCh1=29.8652587583205
##$PVM_RefAttStat1=( 1024 )
<Adj by AdjRefG (protocol ADJ_REFG)>
##$PVM_Nucleus2Enum=1H
##$PVM_Nucleus3Enum=1H
##$PVM_Nucleus4Enum=1H
##$PVM_Nucleus5Enum=1H
##$PVM_Nucleus6Enum=1H
##$PVM_Nucleus7Enum=1H
##$PVM_Nucleus8Enum=1H
##$PVM_EncUseMultiRec=No
$$ @vis= PVM_RefAttMod1 PVM_RefAttCh1 PVM_RefAttStat1 Nuclei
##$PVM_EncActReceivers=( 1 )
On
##$PVM_EncZfRead=1
##$PVM_EncPpiAccel1=1
##$PVM_EncPpiRefLines1=0
##$PVM_EncPftAccel1=1
##$PVM_EncZfAccel1=1
$$ @vis= PVM_EncUseMultiRec PVM_EncZfRead PVM_EncPpiAccel1 PVM_EncPftAccel1
##$PVM_EncOrder1=LINEAR_ENC
##$PVM_EncStart1=-1
##$PVM_EncMatrix=( 2 )
128 35
##$PVM_EncSteps1=( 35 )
-17 -16 -15 -14 -13 -12 -11 -10 -9 -8 -7 -6 -5 -4 -3 -2 -1 0 1 2 3 4 5 6 7 8 
9 10 11 12 13 14 15 16 17
$$ @vis= PVM_EncZfAccel1 PVM_EncOrder1 PVM_EncStart1 PVM_EncMatrix
##$PVM_EncCentralStep1=1
##$PVM_EncTotalAccel=1
##$PVM_EncNReceivers=1
##$PVM_EncAvailReceivers=4
$$ @vis= PVM_EncSteps1 PVM_EncCentralStep1 PVM_EncTotalAccel PVM_EncNReceivers
##$PVM_EncChanScaling=( 1 )
1
##$PVM_OperationMode=( 64 )
<[1H] TX/RX Volume>
$$ @vis= PVM_EncAvailReceivers PVM_EncChanScaling PVM_OperationMode
##$PVM_EffSWh=75757.5757575758
##$PVM_EchoPosition=30
##$EchoTimeMode=Short_TE
##$PVM_ReadDephaseTime=0.8
$$ @vis= Encoding_Output Encoding PVM_EffSWh PVM_EchoPosition EchoTimeMode
##$PVM_ExSliceRephaseTime=0.8
##$ReadSpoilerDuration=1.254
##$ReadSpoilerStrength=20
$$ @vis= PVM_ReadDephaseTime PVM_ExSliceRephaseTime ReadSpoilerDuration
##$SliceSpoilerDuration=0.508
##$SliceSpoilerStrength=20
##$PVM_DigAutSet=Yes
$$ @vis= ReadSpoilerStrength SliceSpoilerDuration SliceSpoilerStrength
##$PVM_DigQuad=Yes
##$PVM_DigFilter=Digital_Medium
##$PVM_DigRes=21
##$PVM_DigDw=0.0132
##$PVM_DigSw=75757.5757575758
$$ @vis= PVM_DigAutSet PVM_DigQuad PVM_DigFilter PVM_DigRes PVM_DigDw
##$PVM_DigNp=128
##$PVM_DigShift=36
##$PVM_DigGroupDel=0.4752
##$PVM_DigDur=1.6896
##$PVM_DigEndDelMin=0.0499999999999998
$$ @vis= PVM_DigSw PVM_DigNp PVM_DigShift PVM_DigGroupDel PVM_DigDur
##$PVM_DigEndDelOpt=0.0824032403240322
##$PVM_GeoMode=GeoImaging
$$ @vis= PVM_DigEndDelMin PVM_DigEndDelOpt DigitizerPars Sequence_Details
##$PVM_SpatDimEnum=2D
##$PVM_Isotropic=Isotropic_None
##$PVM_Fov=( 2 )
30 30
##$PVM_FovCm=( 2 )
3 3
##$PVM_SpatResol=( 2 )
0.234375 0.857142857142857
##$PVM_Matrix=( 2 )
128 35
$$ @vis= PVM_GeoMode PVM_SpatDimEnum PVM_Isotropic PVM_Fov PVM_SpatResol
##$PVM_MinMatrix=( 2 )
32 32
##$PVM_MaxMatrix=( 2 )
2048 2048
##$PVM_AntiAlias=( 2 )
1 1
##$PVM_MaxAntiAlias=( 2 )
2 8
$$ @vis= PVM_Matrix PVM_MinMatrix PVM_MaxMatrix PVM_AntiAlias PVM_MaxAntiAlias
##$PVM_SliceThick=1
##$PVM_ObjOrderScheme=Interlaced
##$PVM_ObjOrderList=( 1 )
0
$$ @vis= StandardInplaneGeometry PVM_SliceThick PVM_ObjOrderScheme
##$PVM_NSPacks=1
##$PVM_SPackArrNSlices=( 1 )
1
##$PVM_MajSliceOri=No
##$PVM_SPackArrSliceOrient=( 1 )
axial
$$ @vis= PVM_ObjOrderList PVM_NSPacks PVM_SPackArrNSlices PVM_MajSliceOri
##$PVM_SPackArrReadOrient=( 1 )
L_R
##$PVM_SPackArrReadOffset=( 1 )
3
##$PVM_SPackArrPhase1Offset=( 1 )
0
$$ @vis= PVM_SPackArrSliceOrient PVM_SPackArrReadOrient PVM_SPackArrReadOffset
##$PVM_SPackArrPhase2Offset=( 1 )
0
##$PVM_SPackArrSliceOffset=( 1 )
-6.62582780663376
##$PVM_SPackArrSliceGapMode=( 1 )
non_contiguous
$$ @vis= PVM_SPackArrPhase1Offset PVM_SPackArrSliceOffset
##$PVM_SPackArrSliceGap=( 1 )
0.5
##$PVM_SPackArrSliceDistance=( 1 )
1.5
$$ @vis= PVM_SPackArrSliceGapMode PVM_SPackArrSliceGap
##$PVM_SPackArrGradOrient=( 1, 3, 3 )
0.800893504107832 -0.0116391030606261 -0.598693683245299 0.0147547588846231 
0.999891097842045 0.000299243190966537 0.5986250012889 -0.00907324286982486 
0.800978017236235
##$NDummyScans=4
##$PVM_MovieOnOff=On
$$ @vis= PVM_SPackArrSliceDistance StandardSliceGeometry NDummyScans
##$PVM_NMovieFrames=16
##$TimeForMovieFrames=132.8
##$PVM_EvolutionOnOff=Off
##$PVM_TriggerModule=On
$$ @vis= PVM_MovieOnOff PVM_NMovieFrames TimeForMovieFrames PVM_EvolutionOnOff
##$PVM_TriggerMode=per_PhaseStep
##$PVM_TriggerDelay=1
##$PVM_TrigD0=0.00099
##$PVM_TaggingOnOff=Off
$$ @vis= PVM_TriggerModule PVM_TriggerMode PVM_TriggerDelay Trigger_Parameters
##$PVM_TaggingPulse=(0.2, 0.001, 90, 30, 100, 0, 100, LIB_EXCITATION, <bp.exc
>, 50, 0.001, 0, 0.002, conventional)
##$PVM_TaggingDeriveGainMode=By_DeriveGains
##$PVM_TaggingMode=SPAMM
##$PVM_TaggingDir=Tagging_grid
##$PVM_TaggingDistance=1
##$PVM_TaggingMinDistance=0.001
##$PVM_TaggingThick=0.2
##$PVM_TaggingOffset1=0
##$PVM_TaggingOffset2=0
##$PVM_TaggingAngle=0
##$PVM_TaggingDelay=0.01
##$PVM_TaggingModuleTime=0
##$PVM_TaggingPulseNumber=1
##$PVM_TaggingPulseElement=0.04
##$PVM_TaggingGradientStrength=5
##$PVM_TaggingSpoilGrad=50
##$PVM_TaggingSpoilDuration=2
##$PVM_TaggingGridDelay=0.01
##$PVM_TaggingD0=1e-06
##$PVM_TaggingD1=1e-06
##$PVM_TaggingD2=1e-06
##$PVM_TaggingD3=1e-06
##$PVM_TaggingD4=1e-06
##$PVM_TaggingD5=1e-06
##$PVM_TaggingP0=10
##$PVM_TaggingLp0=0
##$PVM_TaggingGradAmp1=0
##$PVM_TaggingGradAmp2=0
##$PVM_TaggingGradAmp3=0
##$PVM_TaggingGradAmp4=0
##$PVM_TaggingSpoiler=0
##$PVM_SelIrOnOff=Off
##$PVM_BlBloodOnOff=Off
##$PVM_FatSupOnOff=Off
$$ @vis= PVM_TaggingOnOff TaggingDetails PVM_SelIrOnOff PVM_BlBloodOnOff
##$PVM_MagTransOnOff=Off
##$PVM_FovSatOnOff=Off
##$PVM_FovSatNSlices=1
##$PVM_FovSatSliceOrient=( 1 )
sagittal
##$PVM_FovSatThick=( 1 )
0.450056257032129
##$PVM_FovSatOffset=( 1 )
0
##$PVM_FovSatSliceVec=( 1, 3 )
1 0 0
##$PVM_SatSlicesPulseEnum=hermite
##$PVM_SatSlicesPulse=(1, 5400, 90, 14.941707532482, 100, 0, 100, 
LIB_EXCITATION, <hermite.exc>, 5400, 0.1794, 50, 0.1024, conventional)
##$PVM_SatSlicesDeriveGainMode=By_DeriveGains
##$PVM_FovSatSpoilTime=2
##$PVM_FovSatSpoilGrad=20
##$PVM_FovSatModuleTime=0
##$PVM_FovSatFL=( 1 )
0
##$PVM_SatD0=1e-06
##$PVM_SatD1=1e-06
##$PVM_SatD2=1e-06
##$PVM_SatP0=10
##$PVM_SatLp0=0
##$PVM_InFlowSatOnOff=Off
##$PVM_InFlowSatNSlices=1
##$PVM_InFlowSatThick=( 1 )
0
##$PVM_InFlowSatGap=( 1 )
0
##$PVM_InFlowSatSide=( 1 )
0
##$PVM_FlowSatPulse=(1, 0.001, 90, 30, 100, 0, 100, LIB_EXCITATION, <
hermite.exc>, 50, 0.001, 0, 0.002, conventional)
##$PVM_FlowSatDeriveGainMode=By_DeriveGains
##$PVM_InFlowSatSpoilTime=2
##$PVM_InFlowSatSpoilGrad=20
##$PVM_InFlowSatModuleTime=0
##$PVM_SfD0=1e-06
##$PVM_SfD1=1e-06
##$PVM_SfD2=1e-06
##$PVM_SfP0=10
##$PVM_SfLp0=0
##$PVM_MotionSupOnOff=On
$$ @vis= PVM_FatSupOnOff PVM_MagTransOnOff PVM_FovSatOnOff PVM_InFlowSatOnOff
##$PVM_EchoTime1=2.00488
##$PVM_NEchoImages=1
##$PVM_ppgFlag1=No
$$ @vis= PVM_MotionSupOnOff Preparation PVM_EchoTime1 PVM_NEchoImages
##$RecoMethMode=Default
##$WeightingMode=positive_mask
##$MaskWeighting=4
##$GaussBroadening=1
##$RECO_wordtype=_16BIT_SGN_INT
##$RECO_map_mode=PERCENTILE_MAPPING
##$RECO_map_percentile=( 2 )
1 99.9
$$ @vis= PVM_ppgFlag1 RecoMethMode RECO_wordtype RECO_map_mode
##$RECO_map_error=0.025
##$RECO_map_range=( 2 )
-2147483647 2147483647
$$ @vis= RECO_map_percentile RECO_map_error ReconstructionOptions MethodClass
##END=
